PATH
  remote: .
  specs:
    riddle (1.4.0)

GEM
  remote: http://rubygems.org/
  specs:
    diff-lcs (1.1.2)
    jdbc-mysql (5.1.13)
    mysql2 (0.3.2)
    rake (0.9.2)
    rspec (2.5.0)
      rspec-core (~> 2.5.0)
      rspec-expectations (~> 2.5.0)
      rspec-mocks (~> 2.5.0)
    rspec-core (2.5.2)
    rspec-expectations (2.5.0)
      diff-lcs (~> 1.1.2)
    rspec-mocks (2.5.0)
    yard (0.7.2)

PLATFORMS
  java
  ruby

DEPENDENCIES
  jdbc-mysql (>= 5.1.13)
  mysql2 (= 0.3.2)
  rake (>= 0.9.2)
  riddle!
  rspec (>= 2.5.0)
  yard (>= 0.7.2)
